PATH
  remote: .
  specs:
    super_auth (0.1.5)
      sequel

GEM
  remote: https://rubygems.org/
  specs:
    bigdecimal (3.1.4)
    coderay (1.1.3)
    diff-lcs (1.5.0)
    method_source (1.0.0)
    pg (1.5.4)
    pry (0.14.2)
      coderay (~> 1.1)
      method_source (~> 1.0)
    rake (13.1.0)
    rspec (3.12.0)
      rspec-core (~> 3.12.0)
      rspec-expectations (~> 3.12.0)
      rspec-mocks (~> 3.12.0)
    rspec-core (3.12.2)
      rspec-support (~> 3.12.0)
    rspec-expectations (3.12.3)
      diff-lcs (>= 1.2.0, < 2.0)
      rspec-support (~> 3.12.0)
    rspec-mocks (3.12.6)
      diff-lcs (>= 1.2.0, < 2.0)
      rspec-support (~> 3.12.0)
    rspec-support (3.12.1)
    sequel (5.75.0)
      bigdecimal
    sqlite3 (1.7.0-arm64-darwin)
    sqlite3 (1.7.0-x86_64-linux)
    zeitwerk (2.6.12)

PLATFORMS
  arm64-darwin-22
  arm64-darwin-23
  x86_64-linux

DEPENDENCIES
  pg
  pry
  rake (~> 13.0)
  rspec (~> 3.0)
  sqlite3
  super_auth!
  zeitwerk (~> 2.6)

BUNDLED WITH
   2.4.6
