PATH
  remote: .
  specs:
    super_auth (0.1.0)
      sequel

GEM
  remote: https://rubygems.org/
  specs:
    bigdecimal (3.1.4)
    diff-lcs (1.5.0)
    rake (13.1.0)
    rspec (3.12.0)
      rspec-core (~> 3.12.0)
      rspec-expectations (~> 3.12.0)
      rspec-mocks (~> 3.12.0)
    rspec-core (3.12.2)
      rspec-support (~> 3.12.0)
    rspec-expectations (3.12.3)
      diff-lcs (>= 1.2.0, < 2.0)
      rspec-support (~> 3.12.0)
    rspec-mocks (3.12.6)
      diff-lcs (>= 1.2.0, < 2.0)
      rspec-support (~> 3.12.0)
    rspec-support (3.12.1)
    sequel (5.75.0)
      bigdecimal
    sqlite3 (1.6.9-arm64-darwin)

PLATFORMS
  arm64-darwin-22

DEPENDENCIES
  rake (~> 13.0)
  rspec (~> 3.0)
  sqlite3
  super_auth!

BUNDLED WITH
   2.4.6
